GEM
  remote: https://rubygems.org/
  specs:
    coderay (1.0.8)
    httparty (0.11.0)
      multi_json (~> 1.0)
      multi_xml (>= 0.5.2)
    method_source (0.8.1)
    multi_json (1.11.0)
    multi_xml (0.5.5)
    nokogiri (1.5.5)
    pinboard (0.1.1)
      httparty (= 0.11.0)
    pry (0.9.10)
      coderay (~> 1.0.5)
      method_source (~> 0.8)
      slop (~> 3.3.1)
    slop (3.3.3)

PLATFORMS
  ruby

DEPENDENCIES
  nokogiri
  pinboard
  pry
